GEM
  remote: https://rubygems.org/
  specs:
    qtbindings (4.8.6.0)

PLATFORMS
  ruby

DEPENDENCIES
  qtbindings
